PATH
  remote: .
  specs:
    regexp-collection (1.1.0)

GEM
  remote: https://rubygems.org/
  specs:
    power_assert (1.2.0)
    rake (12.3.3)
    test-unit (3.3.7)
      power_assert

PLATFORMS
  ruby

DEPENDENCIES
  bundler (>= 1.7, < 3.0)
  rake (~> 12.3)
  regexp-collection!
  test-unit (~> 3.2)

BUNDLED WITH
   2.1.4
